GEM
  remote: http://rubygems.org/
  specs:
    childprocess (0.3.1)
      ffi (~> 1.0.6)
    diff-lcs (1.1.3)
    ffi (1.0.11)
    multi_json (1.1.0)
    page-object (0.6.3)
      selenium-webdriver (>= 2.20.0)
      watir-webdriver (>= 0.5.3)
    rake (0.9.2.2)
    require_all (1.2.1)
    rspec (2.8.0)
      rspec-core (~> 2.8.0)
      rspec-expectations (~> 2.8.0)
      rspec-mocks (~> 2.8.0)
    rspec-core (2.8.0)
    rspec-expectations (2.8.0)
      diff-lcs (~> 1.1.2)
    rspec-mocks (2.8.0)
    rubyzip (0.9.6.1)
    selenium-webdriver (2.20.0)
      childprocess (>= 0.2.5)
      ffi (~> 1.0)
      multi_json (~> 1.0)
      rubyzip
    watir-webdriver (0.5.3)
      selenium-webdriver (>= 2.12.0)

PLATFORMS
  ruby
  x86-mingw32

DEPENDENCIES
  page-object
  rake
  require_all
  rspec
